GEM
  remote: https://rubygems.org/
  specs:
    addressable (2.5.1)
      public_suffix (~> 2.0, >= 2.0.2)
    coderay (1.1.1)
    crack (0.4.3)
      safe_yaml (~> 1.0.0)
    diff-lcs (1.3)
    envyable (1.2.0)
      thor (>= 0.18.1, < 2.0)
    hashdiff (0.3.4)
    httparty (0.15.5)
      multi_xml (>= 0.5.2)
    method_source (0.8.2)
    mock5 (1.0.8)
      sinatra (~> 1.4)
      webmock (~> 1.15)
    multi_xml (0.6.0)
    pry (0.10.4)
      coderay (~> 1.1.0)
      method_source (~> 0.8.1)
      slop (~> 3.4)
    public_suffix (2.0.5)
    rack (1.6.8)
    rack-protection (1.5.3)
      rack
    rspec (3.6.0)
      rspec-core (~> 3.6.0)
      rspec-expectations (~> 3.6.0)
      rspec-mocks (~> 3.6.0)
    rspec-core (3.6.0)
      rspec-support (~> 3.6.0)
    rspec-expectations (3.6.0)
      diff-lcs (>= 1.2.0, < 2.0)
      rspec-support (~> 3.6.0)
    rspec-mocks (3.6.0)
      diff-lcs (>= 1.2.0, < 2.0)
      rspec-support (~> 3.6.0)
    rspec-support (3.6.0)
    safe_yaml (1.0.4)
    sinatra (1.4.8)
      rack (~> 1.5)
      rack-protection (~> 1.4)
      tilt (>= 1.3, < 3)
    slop (3.6.0)
    thor (0.19.4)
    tilt (2.0.7)
    webmock (1.24.6)
      addressable (>= 2.3.6)
      crack (>= 0.3.2)
      hashdiff

PLATFORMS
  ruby

DEPENDENCIES
  envyable (~> 1.2.0)
  httparty (~> 0.15.5)
  mock5 (~> 1.0.8)
  pry
  rspec (= 3.6.0)

RUBY VERSION
   ruby 2.4.1p111

BUNDLED WITH
   1.15.1
